PATH
  remote: .
  specs:
    str_convert_utils (0.1.0)
      thor

GEM
  remote: https://rubygems.org/
  specs:
    rake (12.3.3)
    thor (1.0.1)

PLATFORMS
  ruby

DEPENDENCIES
  rake (~> 12.0)
  str_convert_utils!

BUNDLED WITH
   2.1.2
